GIT
  remote: git://github.com/adam12/docker-api.git
  revision: fc7ad57f77d59036dba9598ed52772778dc198c6
  branch: master
  specs:
    docker-api (1.34.2)
      excon (>= 0.47.0)
      multi_json

GEM
  remote: https://rubygems.org/
  specs:
    addressable (2.6.0)
      public_suffix (>= 2.0.2, < 4.0)
    capybara (3.14.0)
      addressable
      mini_mime (>= 0.1.3)
      nokogiri (~> 1.8)
      rack (>= 1.6.0)
      rack-test (>= 0.6.3)
      regexp_parser (~> 1.2)
      xpath (~> 3.2)
    erubi (1.8.0)
    excon (0.62.0)
    ffi (1.10.0)
    mini_mime (1.0.1)
    mini_portile2 (2.4.0)
    minitest (5.11.3)
    minitest-hooks (1.5.0)
      minitest (> 5.3)
    multi_json (1.13.1)
    nokogiri (1.10.1)
      mini_portile2 (~> 2.4.0)
    pg (1.1.4)
    public_suffix (3.0.3)
    puma (3.12.0)
    rack (2.0.6)
    rack-test (1.1.0)
      rack (>= 1.0, < 3)
    rack-unreloader (1.6.0)
    rb-fsevent (0.10.3)
    rb-inotify (0.10.0)
      ffi (~> 1.0)
    refrigerator (1.1.0)
    regexp_parser (1.3.0)
    roda (3.17.0)
      rack
    sass (3.7.3)
      sass-listen (~> 4.0.0)
    sass-listen (4.0.0)
      rb-fsevent (~> 0.9, >= 0.9.4)
      rb-inotify (~> 0.9, >= 0.9.7)
    sequel (5.18.0)
    sequel-annotate (1.4.0)
      sequel (>= 4)
    sequel_pg (1.12.0)
      pg (>= 0.18.0)
      sequel (>= 4.38.0)
    tilt (2.0.9)
    xpath (3.2.0)
      nokogiri (~> 1.8)

PLATFORMS
  ruby

DEPENDENCIES
  capybara
  docker-api!
  erubi (>= 1.5)
  minitest (>= 5.7.0)
  minitest-hooks (>= 1.1.0)
  puma
  rack-unreloader
  refrigerator (>= 1)
  roda (>= 3.13)
  sass (>= 3)
  sequel (>= 5)
  sequel-annotate
  sequel_pg (>= 1.8)
  tilt (>= 2.0.6)

BUNDLED WITH
   1.17.3
